GEM
  remote: https://rubygems.org/
  specs:
    addressable (2.3.6)
    andand (1.3.3)
    binding_of_caller (0.7.2)
      debug_inspector (>= 0.0.1)
    coderay (1.1.0)
    debug_inspector (0.0.2)
    faraday (0.9.0)
      multipart-post (>= 1.2, < 3)
    koala (1.10.0)
      addressable
      faraday
      multi_json
    method_source (0.8.2)
    multi_json (1.10.1)
    multipart-post (2.0.0)
    pry (0.10.0-x86-mingw32)
      coderay (~> 1.1.0)
      method_source (~> 0.8.1)
      slop (~> 3.4)
      win32console (~> 1.3)
    pry-stack_explorer (0.4.9.1)
      binding_of_caller (>= 0.7)
      pry (>= 0.9.11)
    slop (3.5.0)
    win32console (1.3.2-x86-mingw32)

PLATFORMS
  x86-mingw32

DEPENDENCIES
  andand
  faraday
  koala (~> 1.10.0rc)
  pry
  pry-stack_explorer
